GEM
  remote: https://rubygems.org/
  specs:
    as-notifications (1.0.1)
    diff-lcs (1.2.5)
    i18n (0.6.11)
    multi_json (1.10.1)
    rack (1.5.2)
    rack-test (0.6.2)
      rack (>= 1.0)
    rspec (3.1.0)
      rspec-core (~> 3.1.0)
      rspec-expectations (~> 3.1.0)
      rspec-mocks (~> 3.1.0)
    rspec-core (3.1.7)
      rspec-support (~> 3.1.0)
    rspec-expectations (3.1.2)
      diff-lcs (>= 1.2.0, < 2.0)
      rspec-support (~> 3.1.0)
    rspec-mocks (3.1.3)
      rspec-support (~> 3.1.0)
    rspec-support (3.1.2)
    test-unit (2.0.0.0)
    webmachine (1.2.2)
      as-notifications (~> 1.0)
      i18n (>= 0.4.0)
      multi_json
    webmachine-test (0.2.1)
      webmachine

PLATFORMS
  ruby

DEPENDENCIES
  rack
  rack-test
  rspec
  test-unit
  webmachine
  webmachine-test
